GEM
  remote: http://rubygems.org/
  specs:
    bio (1.4.1)
    bio-bwa (0.1.0)
    diff-lcs (1.1.2)
    ffi (1.0.6)
      rake (>= 0.8.7)
    git (1.2.5)
    jeweler (1.5.2)
      bundler (~> 1.0.0)
      git (>= 1.2.5)
      rake
    rake (0.8.7)
    rcov (0.9.9)
    rspec (2.5.0)
      rspec-core (~> 2.5.0)
      rspec-expectations (~> 2.5.0)
      rspec-mocks (~> 2.5.0)
    rspec-core (2.5.1)
    rspec-expectations (2.5.0)
      diff-lcs (~> 1.1.2)
    rspec-mocks (2.5.0)
    rubyvis (0.5.0)
    shoulda (2.11.3)
    thor (0.14.6)

PLATFORMS
  ruby

DEPENDENCIES
  bio (>= 1.4.1)
  bio-bwa
  bundler (~> 1.0.0)
  ffi (>= 1.0.6)
  jeweler (~> 1.5.2)
  rcov
  rspec (>= 2.5.0)
  rubyvis (>= 0.5.0)
  shoulda
  thor (>= 0.14.6)
